PATH
  remote: .
  specs:
    fluent-plugin-imds (0.1.0)
      fluentd (>= 0.14.10, < 2)

GEM
  remote: https://rubygems.org/
  specs:
    addressable (2.7.0)
      public_suffix (>= 2.0.2, < 5.0)
    concurrent-ruby (1.2.2)
    cool.io (1.7.1)
    crack (0.4.3)
      safe_yaml (~> 1.0.0)
    fluentd (1.16.2)
      bundler
      cool.io (>= 1.4.5, < 2.0.0)
      http_parser.rb (>= 0.5.1, < 0.9.0)
      msgpack (>= 1.3.1, < 2.0.0)
      serverengine (>= 2.3.2, < 3.0.0)
      sigdump (~> 0.2.5)
      strptime (>= 0.2.4, < 1.0.0)
      tzinfo (>= 1.0, < 3.0)
      tzinfo-data (~> 1.0)
      webrick (~> 1.4)
      yajl-ruby (~> 1.0)
    hashdiff (1.0.1)
    http_parser.rb (0.8.0)
    msgpack (1.7.2)
    power_assert (1.1.7)
    public_suffix (4.0.4)
    rake (12.3.3)
    safe_yaml (1.0.5)
    serverengine (2.3.2)
      sigdump (~> 0.2.2)
    sigdump (0.2.5)
    strptime (0.2.5)
    test-unit (3.3.5)
      power_assert
    tzinfo (2.0.6)
      concurrent-ruby (~> 1.0)
    tzinfo-data (1.2023.3)
      tzinfo (>= 1.0.0)
    webmock (3.8.3)
      addressable (>= 2.3.6)
      crack (>= 0.3.2)
      hashdiff (>= 0.4.0, < 2.0.0)
    webrick (1.8.1)
    yajl-ruby (1.4.3)

PLATFORMS
  ruby

DEPENDENCIES
  bundler (~> 2.1.4)
  fluent-plugin-imds!
  rake (~> 12.3)
  test-unit (~> 3.0)
  webmock

BUNDLED WITH
   2.1.4
